GEM
  remote: http://rubygems.org/
  specs:
    ezcrypto (0.7.2)
    json (1.7.6)
    oauth (0.4.7)
    uservoice-ruby (0.0.11)
      ezcrypto (>= 0.7.2)
      json (>= 1.7.5)
      oauth (>= 0.4.7)

PLATFORMS
  ruby

DEPENDENCIES
  uservoice-ruby
